PATH
  remote: .
  specs:
    bmc-daemon-lib (0.7.2)
      chamber (~> 2.9.1)

GEM
  remote: https://rubygems.org/
  specs:
    ast (2.3.0)
    chamber (2.9.1)
      hashie (~> 3.3)
      thor (~> 0.19.1)
    diff-lcs (1.2.5)
    hashie (3.4.6)
    parser (2.3.3.1)
      ast (~> 2.2)
    powerpack (0.1.1)
    rainbow (2.2.1)
    rake (12.0.0)
    rspec (3.5.0)
      rspec-core (~> 3.5.0)
      rspec-expectations (~> 3.5.0)
      rspec-mocks (~> 3.5.0)
    rspec-core (3.5.4)
      rspec-support (~> 3.5.0)
    rspec-expectations (3.5.0)
      diff-lcs (>= 1.2.0, < 2.0)
      rspec-support (~> 3.5.0)
    rspec-mocks (3.5.0)
      diff-lcs (>= 1.2.0, < 2.0)
      rspec-support (~> 3.5.0)
    rspec-support (3.5.0)
    rubocop (0.47.0)
      parser (>= 2.3.3.1, < 3.0)
      powerpack (~> 0.1)
      rainbow (>= 1.99.1, < 3.0)
      ruby-progressbar (~> 1.7)
      unicode-display_width (~> 1.0, >= 1.0.1)
    ruby-progressbar (1.8.1)
    thor (0.19.4)
    unicode-display_width (1.1.3)

PLATFORMS
  ruby

DEPENDENCIES
  bmc-daemon-lib!
  bundler
  rake
  rspec
  rubocop

BUNDLED WITH
   1.13.7
