PATH
  remote: .
  specs:
    bmc-daemon-lib (0.4.0)
      chamber (~> 2.9.1)

GEM
  remote: https://rubygems.org/
  specs:
    chamber (2.9.1)
      hashie (~> 3.3)
      thor (~> 0.19.1)
    diff-lcs (1.2.5)
    hashie (3.4.6)
    rake (11.3.0)
    rspec (3.5.0)
      rspec-core (~> 3.5.0)
      rspec-expectations (~> 3.5.0)
      rspec-mocks (~> 3.5.0)
    rspec-core (3.5.3)
      rspec-support (~> 3.5.0)
    rspec-expectations (3.5.0)
      diff-lcs (>= 1.2.0, < 2.0)
      rspec-support (~> 3.5.0)
    rspec-mocks (3.5.0)
      diff-lcs (>= 1.2.0, < 2.0)
      rspec-support (~> 3.5.0)
    rspec-support (3.5.0)
    thor (0.19.1)

PLATFORMS
  ruby

DEPENDENCIES
  bmc-daemon-lib!
  bundler
  rake
  rspec

BUNDLED WITH
   1.12.5
